GEM
  remote: https://rubygems.org/
  specs:
    concurrent-ruby (1.3.3)
    cpf_utils (1.3.1)
    faker (3.4.1)
      i18n (>= 1.8.11, < 2)
    i18n (1.14.5)
      concurrent-ruby (~> 1.0)

PLATFORMS
  ruby
  x86_64-linux

DEPENDENCIES
  cpf_utils
  faker

BUNDLED WITH
   2.5.9
